GEM
  remote: https://rubygems.org/
  specs:
    builder (3.0.0)
    faraday (0.8.11)
      multipart-post (~> 1.2.0)
    github_api (0.6.2)
      faraday (~> 0.8.1)
      hashie (~> 1.2.0)
      multi_json (~> 1.3)
      nokogiri (~> 1.5.2)
      oauth2
    happymapper (0.4.0)
      libxml-ruby (~> 2.0)
    hashie (1.2.0)
    httparty (0.8.3)
      multi_json (~> 1.0)
      multi_xml
    jwt (2.2.1)
    libxml-ruby (2.3.3)
    mime-types (1.19)
    multi_json (1.14.1)
    multi_xml (0.5.1)
    multipart-post (1.2.0)
    nokogiri (1.5.5)
    oauth2 (1.4.2)
      faraday (>= 0.8, < 2.0)
      jwt (>= 1.0, < 3.0)
      multi_json (~> 1.3)
      multi_xml (~> 0.5)
      rack (>= 1.2, < 3)
    pivotal-tracker (0.5.4)
      builder
      happymapper (>= 0.3.2)
      nokogiri (>= 1.4.3)
      nokogiri (~> 1.4)
      rest-client (~> 1.6.0)
    rack (2.0.8)
    rake (0.9.2.2)
    rest-client (1.6.7)
      mime-types (>= 1.16)

PLATFORMS
  ruby

DEPENDENCIES
  github_api
  httparty
  pivotal-tracker
  rake
